GEM
  remote: https://rubygems.org/
  specs:
    bump (0.5.1)
    codeclimate-test-reporter (0.4.8)
      simplecov (>= 0.7.1, < 1.0.0)
    docile (1.1.5)
    json (1.8.2)
    maxitest (1.1.3)
      minitest (>= 5.0.0, < 5.6.0)
    minitest (5.5.1)
    rake (10.4.2)
    rdoc (4.1.1)
      json (~> 1.4)
    simplecov (0.10.0)
      docile (~> 1.1.0)
      json (~> 1.8)
      simplecov-html (~> 0.10.0)
    simplecov-html (0.10.0)

PLATFORMS
  ruby

DEPENDENCIES
  bump
  codeclimate-test-reporter
  maxitest
  rake
  rdoc
  simplecov

BUNDLED WITH
   1.10.6
